GEM
  remote: http://rubygems.org/
  specs:
    arg0 (0.0.3)

PLATFORMS
  ruby

DEPENDENCIES
  arg0
